PATH
  remote: .
  specs:
    beredis (0.1.0)
      json
      redis

GEM
  remote: https://rubygems.org/
  specs:
    diff-lcs (1.4.4)
    json (2.3.0)
    rake (10.5.0)
    redis (4.2.5)
    rspec (3.10.0)
      rspec-core (~> 3.10.0)
      rspec-expectations (~> 3.10.0)
      rspec-mocks (~> 3.10.0)
    rspec-core (3.10.1)
      rspec-support (~> 3.10.0)
    rspec-expectations (3.10.1)
      diff-lcs (>= 1.2.0, < 2.0)
      rspec-support (~> 3.10.0)
    rspec-mocks (3.10.1)
      diff-lcs (>= 1.2.0, < 2.0)
      rspec-support (~> 3.10.0)
    rspec-support (3.10.1)

PLATFORMS
  ruby

DEPENDENCIES
  beredis!
  bundler (~> 2.0)
  json
  rake (~> 10.0)
  redis
  rspec (~> 3.0)

BUNDLED WITH
   2.1.4
